##TITLE= Parameter file, TopSpin 4.5.0
##JCAMPDX= 5.0
##DATATYPE= Parameter Values
##NPOINTS= 19	$$ modification sequence number
##ORIGIN= Bruker BioSpin GmbH
##OWNER= nmrsu
$$ 2025-10-22 10:24:55.627 +0200  krzysztof@dhcp24-lan135.cent1.uw.edu.pl
$$ /Users/krzysztof/Dropbox/Krzysztof/cooperation/ETH/Magritek2Bruker/COSY_SSexpert/251021-113525 COSY ()/generic_bruker_2d_data/1/pdata/1/proc2s
$$ process /opt/topspin4.5.0/prog/mod/proc2d
##$ABSF1= 0
##$ABSF2= 0
##$ABSG= 0
##$ABSL= 0
##$ALPHA= 0
##$AQORDER= 0
##$ASSFAC= 0
##$ASSFACI= 0
##$ASSFACX= 0
##$ASSWID= 0
##$AUNMP= <>
##$AXLEFT= 0
##$AXNAME= <F1>
##$AXNUC= <13C>
##$AXRIGHT= 0
##$AXTYPE= 0
##$AXUNIT= <>
##$AZFE= 0.1
##$AZFW= 0.5
##$BCFW= 0
##$BC_mod= 0
##$BYTORDP= 0
##$COROFFS= 0
##$CY= 0
##$DATMOD= 0
##$DC= 0
##$DFILT= <>
##$DTYPP= 0
##$ERETIC= no
##$F1P= 0
##$F2P= 0
##$FCOR= 0.5
##$FTSIZE= 128
##$FT_mod= 6
##$GAMMA= 0
##$GB= 0
##$INTBC= 1
##$INTSCL= 1
##$ISEN= 128
##$LB= 0
##$LEV0= 0
##$LPBIN= 0
##$MAXI= 10000
##$MC2= 5
##$MEAN= 0
##$ME_mod= 0
##$MI= 0
##$MddCEXP= no
##$MddCT_SP= no
##$MddF180= no
##$MddLAMBDA= 0
##$MddMEMORY= 0
##$MddMERGE= 0
##$MddNCOMP= 0
##$MddNITER= 0
##$MddNOISE= 0
##$MddPHASE= 0
##$MddSEED= 0
##$MddSRSIZE= 0
##$Mdd_CsALG= 0
##$Mdd_CsLAMBDA= 0
##$Mdd_CsNITER= 0
##$Mdd_CsNORM= 0
##$Mdd_CsVE= yes
##$Mdd_CsZF= 0
##$Mdd_LrLAMBDA= 0
##$Mdd_LrNITER= 0
##$Mdd_LrRANK= 0
##$Mdd_LrZF= 0
##$Mdd_mod= 0
##$NCOEF= 0
##$NC_proc= -63
##$NLEV= 0
##$NOISF1= 0
##$NOISF2= 0
##$NSP= 0
##$NTH_PI= 0
##$NZP= 0
##$OFFSET= 106.850363108877
##$PC= 4
##$PHC0= -180
##$PHC1= 0
##$PH_mod= 1
##$PKNL= no
##$PPARMOD= 1
##$PPDIAG= 0
##$PPIPTYP= 0
##$PPMPNUM= 2147483647
##$PPRESOL= 1
##$PSCAL= 1
##$PSIGN= 0
##$PYNMP= <>
##$RDF1= 0
##$RDF2= 0
##$RDFWHM= 0
##$RDINT= 0
##$RDPOS= 0
##$REVERSE= no
##$SF= 201.076645655
##$SI= 128
##$SIGF1= 0
##$SIGF2= 0
##$SINO= 0
##$SIOLD= 128
##$SPECTYP= <>
##$SREF_mod= 1
##$SREGLST= <>
##$SSB= 2
##$STSI= 128
##$STSR= 0
##$SW_p= 11737.0892018779
##$SYMM= 0
##$S_DEV= 0
##$TDeff= 128
##$TDoff= 0
##$TI= <>
##$TILT= no
##$TM1= 0
##$TM2= 0
##$TOPLEV= 0
##$USERP1= <>
##$USERP10= <user>
##$USERP2= <>
##$USERP3= <>
##$USERP4= <>
##$USERP5= <>
##$USERP6= <userUSERP5 DEF user processing parameter 5$80004 255>
##$USERP7= <>
##$USERP8= <>
##$USERP9= <>
##$WDW= 4
##$XDIM= 128
##$YMAX_p= 0
##$YMIN_p= 0
##END=
